GEM
  remote: https://rubygems.org/
  specs:
    actioncable (5.2.0.rc2)
      actionpack (= 5.2.0.rc2)
      nio4r (~> 2.0)
      websocket-driver (>= 0.6.1)
    actionmailer (5.2.0.rc2)
      actionpack (= 5.2.0.rc2)
      actionview (= 5.2.0.rc2)
      activejob (= 5.2.0.rc2)
      mail (~> 2.5, >= 2.5.4)
      rails-dom-testing (~> 2.0)
    actionpack (5.2.0.rc2)
      actionview (= 5.2.0.rc2)
      activesupport (= 5.2.0.rc2)
      rack (~> 2.0)
      rack-test (>= 0.6.3)
      rails-dom-testing (~> 2.0)
      rails-html-sanitizer (~> 1.0, >= 1.0.2)
    actionview (5.2.0.rc2)
      activesupport (= 5.2.0.rc2)
      builder (~> 3.1)
      erubi (~> 1.4)
      rails-dom-testing (~> 2.0)
      rails-html-sanitizer (~> 1.0, >= 1.0.3)
    activejob (5.2.0.rc2)
      activesupport (= 5.2.0.rc2)
      globalid (>= 0.3.6)
    activemodel (5.2.0.rc2)
      activesupport (= 5.2.0.rc2)
    activerecord (5.2.0.rc2)
      activemodel (= 5.2.0.rc2)
      activesupport (= 5.2.0.rc2)
      arel (>= 9.0)
    activestorage (5.2.0.rc2)
      actionpack (= 5.2.0.rc2)
      activerecord (= 5.2.0.rc2)
      marcel (~> 0.3.1)
    activesupport (5.2.0.rc2)
      concurrent-ruby (~> 1.0, >= 1.0.2)
      i18n (>= 0.7, < 2)
      minitest (~> 5.1)
      tzinfo (~> 1.1)
    addressable (2.5.2)
      public_suffix (>= 2.0.2, < 4.0)
    administrate (0.9.0)
      actionpack (>= 4.2, < 5.2)
      actionview (>= 4.2, < 5.2)
      activerecord (>= 4.2, < 5.2)
      autoprefixer-rails (>= 6.0)
      datetime_picker_rails (~> 0.0.7)
      jquery-rails (>= 4.0)
      kaminari (>= 1.0)
      momentjs-rails (~> 2.8)
      sass-rails (~> 5.0)
      selectize-rails (~> 0.6)
    arel (9.0.0)
    autoprefixer-rails (8.2.0)
      execjs
    aws_cf_signer (0.1.3)
    bcrypt (3.1.11)
    bindex (0.5.0)
    bootsnap (1.2.1)
      msgpack (~> 1.0)
    builder (3.2.3)
    byebug (10.0.0)
    cloudinary (1.9.1)
      aws_cf_signer
      rest-client
    coderay (1.1.2)
    concurrent-ruby (1.0.5)
    crass (1.0.3)
    datetime_picker_rails (0.0.7)
      momentjs-rails (>= 2.8.1)
    devise (4.4.3)
      bcrypt (~> 3.0)
      orm_adapter (~> 0.1)
      railties (>= 4.1.0, < 6.0)
      responders
      warden (~> 1.2.3)
    diff-lcs (1.3)
    domain_name (0.5.20170404)
      unf (>= 0.0.5, < 1.0.0)
    em-websocket (0.5.1)
      eventmachine (>= 0.12.9)
      http_parser.rb (~> 0.6.0)
    erubi (1.7.1)
    eventmachine (1.2.5)
    execjs (2.7.0)
    ffi (1.9.23)
    formatador (0.2.5)
    gindex (0.1.2)
      railties
    globalid (0.4.1)
      activesupport (>= 4.2.0)
    guard (2.14.2)
      formatador (>= 0.2.4)
      listen (>= 2.7, < 4.0)
      lumberjack (>= 1.0.12, < 2.0)
      nenv (~> 0.1)
      notiffany (~> 0.0)
      pry (>= 0.9.12)
      shellany (~> 0.0)
      thor (>= 0.18.1)
    guard-compat (1.2.1)
    guard-livereload (2.5.2)
      em-websocket (~> 0.5)
      guard (~> 2.8)
      guard-compat (~> 1.0)
      multi_json (~> 1.8)
    guard-rspec (4.7.3)
      guard (~> 2.1)
      guard-compat (~> 1.1)
      rspec (>= 2.99.0, < 4.0)
    http (3.0.0)
      addressable (~> 2.3)
      http-cookie (~> 1.0)
      http-form_data (>= 2.0.0.pre.pre2, < 3)
      http_parser.rb (~> 0.6.0)
    http-cookie (1.0.3)
      domain_name (~> 0.5)
    http-form_data (2.1.0)
    http_parser.rb (0.6.0)
    i18n (1.0.0)
      concurrent-ruby (~> 1.0)
    jbuilder (2.7.0)
      activesupport (>= 4.2.0)
      multi_json (>= 1.2)
    jquery-rails (4.3.1)
      rails-dom-testing (>= 1, < 3)
      railties (>= 4.2.0)
      thor (>= 0.14, < 2.0)
    kaminari (1.1.1)
      activesupport (>= 4.1.0)
      kaminari-actionview (= 1.1.1)
      kaminari-activerecord (= 1.1.1)
      kaminari-core (= 1.1.1)
    kaminari-actionview (1.1.1)
      actionview
      kaminari-core (= 1.1.1)
    kaminari-activerecord (1.1.1)
      activerecord
      kaminari-core (= 1.1.1)
    kaminari-core (1.1.1)
    listen (3.1.5)
      rb-fsevent (~> 0.9, >= 0.9.4)
      rb-inotify (~> 0.9, >= 0.9.7)
      ruby_dep (~> 1.2)
    lograge (0.9.0)
      actionpack (>= 4)
      activesupport (>= 4)
      railties (>= 4)
      request_store (~> 1.0)
    loofah (2.2.2)
      crass (~> 1.0.2)
      nokogiri (>= 1.5.9)
    lumberjack (1.0.12)
    mail (2.7.0)
      mini_mime (>= 0.1.1)
    marcel (0.3.1)
      mimemagic (~> 0.3.2)
    method_source (0.9.0)
    mime-types (3.1)
      mime-types-data (~> 3.2015)
    mime-types-data (3.2016.0521)
    mimemagic (0.3.2)
    mini_mime (1.0.0)
    mini_portile2 (2.3.0)
    minitest (5.11.3)
    momentjs-rails (2.20.1)
      railties (>= 3.1)
    msgpack (1.2.4)
    multi_json (1.13.1)
    mustermann (1.0.2)
    nenv (0.3.0)
    netrc (0.11.0)
    nio4r (2.3.0)
    nokogiri (1.8.2)
      mini_portile2 (~> 2.3.0)
    notiffany (0.1.1)
      nenv (~> 0.1)
      shellany (~> 0.0)
    orm_adapter (0.5.0)
    pg (1.0.0)
    pry (0.11.3)
      coderay (~> 1.1.0)
      method_source (~> 0.9.0)
    pry-byebug (3.6.0)
      byebug (~> 10.0)
      pry (~> 0.10)
    pry-rails (0.3.6)
      pry (>= 0.10.4)
    public_suffix (3.0.2)
    puma (3.11.2)
    rack (2.0.4)
    rack-livereload (0.3.16)
      rack
    rack-protection (2.0.1)
      rack
    rack-proxy (0.6.3)
      rack
    rack-test (0.8.3)
      rack (>= 1.0, < 3)
    rails (5.2.0.rc2)
      actioncable (= 5.2.0.rc2)
      actionmailer (= 5.2.0.rc2)
      actionpack (= 5.2.0.rc2)
      actionview (= 5.2.0.rc2)
      activejob (= 5.2.0.rc2)
      activemodel (= 5.2.0.rc2)
      activerecord (= 5.2.0.rc2)
      activestorage (= 5.2.0.rc2)
      activesupport (= 5.2.0.rc2)
      bundler (>= 1.3.0)
      railties (= 5.2.0.rc2)
      sprockets-rails (>= 2.0.0)
    rails-dom-testing (2.0.3)
      activesupport (>= 4.2.0)
      nokogiri (>= 1.6)
    rails-html-sanitizer (1.0.4)
      loofah (~> 2.2, >= 2.2.2)
    railties (5.2.0.rc2)
      actionpack (= 5.2.0.rc2)
      activesupport (= 5.2.0.rc2)
      method_source
      rake (>= 0.8.7)
      thor (>= 0.18.1, < 2.0)
    rake (12.3.1)
    rb-fsevent (0.10.2)
    rb-inotify (0.9.10)
      ffi (>= 0.5.0, < 2)
    redis (4.0.1)
    request_store (1.4.0)
      rack (>= 1.4)
    responders (2.4.0)
      actionpack (>= 4.2.0, < 5.3)
      railties (>= 4.2.0, < 5.3)
    rest-client (2.0.2)
      http-cookie (>= 1.0.2, < 2.0)
      mime-types (>= 1.16, < 4.0)
      netrc (~> 0.8)
    rspec (3.7.0)
      rspec-core (~> 3.7.0)
      rspec-expectations (~> 3.7.0)
      rspec-mocks (~> 3.7.0)
    rspec-core (3.7.1)
      rspec-support (~> 3.7.0)
    rspec-expectations (3.7.0)
      diff-lcs (>= 1.2.0, < 2.0)
      rspec-support (~> 3.7.0)
    rspec-mocks (3.7.0)
      diff-lcs (>= 1.2.0, < 2.0)
      rspec-support (~> 3.7.0)
    rspec-rails (3.7.2)
      actionpack (>= 3.0)
      activesupport (>= 3.0)
      railties (>= 3.0)
      rspec-core (~> 3.7.0)
      rspec-expectations (~> 3.7.0)
      rspec-mocks (~> 3.7.0)
      rspec-support (~> 3.7.0)
    rspec-support (3.7.1)
    ruby_dep (1.5.0)
    ruby_http_client (3.3.0)
    sass (3.5.6)
      sass-listen (~> 4.0.0)
    sass-listen (4.0.0)
      rb-fsevent (~> 0.9, >= 0.9.4)
      rb-inotify (~> 0.9, >= 0.9.7)
    sass-rails (5.0.7)
      railties (>= 4.0.0, < 6)
      sass (~> 3.1)
      sprockets (>= 2.8, < 4.0)
      sprockets-rails (>= 2.0, < 4.0)
      tilt (>= 1.1, < 3)
    scout_apm (2.4.9)
    selectize-rails (0.12.4.1)
    sendgrid-ruby (5.2.0)
      ruby_http_client (~> 3.2)
      sinatra (>= 1.4.7, < 3)
    server_timing (1.0.2)
      scout_apm
    shellany (0.0.1)
    sinatra (2.0.1)
      mustermann (~> 1.0)
      rack (~> 2.0)
      rack-protection (= 2.0.1)
      tilt (~> 2.0)
    sprockets (3.7.1)
      concurrent-ruby (~> 1.0)
      rack (> 1, < 3)
    sprockets-rails (3.2.1)
      actionpack (>= 4.0)
      activesupport (>= 4.0)
      sprockets (>= 3.0.0)
    strong_migrations (0.2.2)
      activerecord (>= 3.2.0)
    thor (0.20.0)
    thread_safe (0.3.6)
    tilt (2.0.8)
    tzinfo (1.2.5)
      thread_safe (~> 0.1)
    unf (0.1.4)
      unf_ext
    unf_ext (0.0.7.5)
    warden (1.2.7)
      rack (>= 1.0)
    web-console (3.5.1)
      actionview (>= 5.0)
      activemodel (>= 5.0)
      bindex (>= 0.4.0)
      railties (>= 5.0)
    webpacker (3.2.2)
      activesupport (>= 4.2)
      rack-proxy (>= 0.6.1)
      railties (>= 4.2)
    websocket-driver (0.7.0)
      websocket-extensions (>= 0.1.0)
    websocket-extensions (0.1.3)

GIT
  remote: https://github.com/adamniedzielski/tiddle
  revision: 9cdaca0d29eb9fa67afab686ff47a908ceea3635
  specs:
    tiddle (1.0.2)
      activerecord (>= 4.2.0)
      devise (>= 4.0.0.rc1, < 4.5)

GIT
  remote: https://github.com/indirect/activestorage-cloudinary-service
  revision: af075d31a61086c8b54ec3c540e49e44dcf794d6
  branch: master
  specs:
    activestorage-cloudinary-service (0.1.0)
      cloudinary (~> 1.9)
      http (~> 3.0)

GIT
  remote: https://github.com/michaelbanfield/devise-pwned_password
  revision: c24c6c3eb9ea3844f1e3021d248003a0453a0039
  specs:
    devise-pwned_password (0.1.4)
      devise (~> 4)

PLATFORMS
  ruby
  x86_64-darwin-17

DEPENDENCIES
  activestorage-cloudinary-service!
  administrate (~> 0.9.0)
  bootsnap (~> 1.2)
  cloudinary (~> 1.9)
  devise (~> 4.4)
  devise-pwned_password!
  gindex (~> 0.1.2)
  guard-livereload (~> 2.5)
  guard-rspec (~> 4.7)
  jbuilder (~> 2.7)
  listen (>= 3.0.5, < 3.2)
  lograge (~> 0.9.0)
  pg (>= 0.18, < 2.0)
  pry-byebug (~> 3.6)
  pry-rails (~> 0.3.6)
  puma (~> 3.7)
  rack-livereload (~> 0.3.16)
  rails (= 5.2.0.rc2)
  redis (~> 4.0)
  rspec-rails (~> 3.7)
  scout_apm (~> 2.4)
  sendgrid-ruby (~> 5.2)
  server_timing (~> 1.0)
  strong_migrations (~> 0.2.2)
  tiddle!
  web-console (~> 3.3)
  webpacker (~> 3.2)

RUBY VERSION
   ruby 2.5.0p0

BUNDLED WITH
   2.0.0.dev
